GEM
  remote: https://rubygems.org/
  specs:
    auto_injector (0.4.1)
      marameters (~> 0.3)
      zeitwerk (~> 2.5)
    cogger (0.0.2)
      pastel (~> 0.8)
      zeitwerk (~> 2.5)
    concurrent-ruby (1.1.10)
    dry-configurable (0.15.0)
      concurrent-ruby (~> 1.0)
      dry-core (~> 0.6)
    dry-container (0.9.0)
      concurrent-ruby (~> 1.0)
      dry-configurable (~> 0.13, >= 0.13.0)
    dry-core (0.7.1)
      concurrent-ruby (~> 1.0)
    dry-monads (1.4.0)
      concurrent-ruby (~> 1.0)
      dry-core (~> 0.7)
    git-lint (4.0.1)
      auto_injector (~> 0.4)
      cogger (~> 0.0)
      dry-container (~> 0.9)
      git_plus (~> 1.3)
      pastel (~> 0.8)
      refinements (~> 9.2)
      runcom (~> 8.2)
      spek (~> 0.2)
      zeitwerk (~> 2.5)
    git_plus (1.3.0)
      refinements (~> 9.2)
      zeitwerk (~> 2.5)
    marameters (0.3.2)
      refinements (~> 9.2)
      zeitwerk (~> 2.5)
    pastel (0.8.0)
      tty-color (~> 0.5)
    refinements (9.3.3)
    runcom (8.3.3)
      refinements (~> 9.2)
      xdg (~> 6.2)
    spek (0.2.2)
      dry-monads (~> 1.4)
      refinements (~> 9.2)
      versionaire (~> 10.1)
      zeitwerk (~> 2.5)
    tty-color (0.6.0)
    versionaire (10.2.3)
      refinements (~> 9.2)
    xdg (6.3.3)
    zeitwerk (2.5.4)

PLATFORMS
  x86_64-linux

DEPENDENCIES
  git-lint (= 4.0.1)

BUNDLED WITH
   2.3.9
